{"Manufacturer":"SIEMENS","ManufacturersModelName":" ","MagneticFieldStrength":3,"DeviceSerialNumber":"35368","StationName":"MRC35368","SoftwareVersions":"syngo MR B17","HardcopyDeviceSoftwareVersion":"","ReceiveCoilName":" ","ReceiveCoilActiveElements":" ","GradientSetType":" ","MatrixCoilMode":" ","CoilCombinationMethod":" ","PulseSequenceType":"MPRAGE ADNI iPAT2","ScanningSequence":"GR\\IR","SequenceVariant":"SP\\MP","ScanOptions":"IR","SequenceName":"*tfl3d1_ns","PulseSequenceDetails":" ","NonlinearGradientCorrection":" ","NumberShots":" ","ParallelReductionFactorInPlane":" ","ParallelAcquisitionTechnique":" ","PartialFourier":" ","PartialFourierDirection":" ","WaterFatShift":" ","EchoTrainLength":1,"EchoTime":0.00298,"InversionTime":0.9,"SliceEncodingDirection":" ","DwellTime":" ","FlipAngle":9,"MultibandAccelerationFactor":" ","AnatomicalLandmarkCoordinates":" ","InstitutionAddress":"Perth Drive 100,London,Ontario,CA,N6A 5K8","InstitutionalDepartmentName":" ","ContrastBolusIngredient":" ","InstitutionName":"Robarts-CFMM"}