{"TaskName":"Rotation","RepetitionTime":2,"Manufacturer":"SIEMENS","ManufacturerModelName":"TrioTim","MagneticFieldStrength":3,"DeviceSerialNumber":"35368","SoftwareVersions":"syngo MR B17","ReceiveCoilName":" ","GradientSetType":" ","MRTransmitCoilSequence":" ","MatrixCoilMode":" ","CoilCombinationMethod":" ","PulseSequenceType":" ","PulseSequenceDetails":" ","NumberShots":" ","ParallelReductionFactorInPlane":" ","ParallelAcquisitionTechnique":" ","PartialFourier":" ","PartialFourierDirection":" ","EffectiveEchoSpacing":0.00026499894000423993,"TotalReadoutTime":0.020934916260334956,"EchoTime":0.03,"InversionTime":" ","SliceTiming":[1.00499999998,0,1.06,0.05499999999,1.1149999999900002,0.11249999999,1.16999999998,0.16749999998,1.22749999998,0.22249999997,1.2824999999700002,0.28,1.3374999999900001,0.33499999999,1.39499999999,0.38999999998,1.44999999998,0.44749999998,1.50499999998,0.50249999996999994,1.5625,0.5575,1.6174999999900002,0.61249999999,1.67249999999,0.66999999998,1.72999999998,0.72499999998,1.7849999999700001,0.78,1.84,0.83749999999,1.89499999999,0.89249999999,1.95249999998,0.94749999998],"NumberOfVolumesDiscardedByScanner":" ","NumberOfVolumesDiscardedByUser":10,"DelayTime":" ","FlipAngle":70,"MultibandAccelerationFactor":" ","Instructions":" ","TaskDescription":" ","CogAtlasID":" ","CogPOID":" ","InstitutionName":"Robarts","InstitutionAddress":"Perth Drive 100,London//5747AB//,Ontario,CA,N6A 5K8"}