{"TaskName":"Polygon","RepetitionTime":2,"Manufacturer":"SIEMENS","ManufacturerModelName":"TrioTim","MagneticFieldStrength":3,"DeviceSerialNumber":"35368","SoftwareVersions":"syngo MR B17","ReceiveCoilName":" ","GradientSetType":" ","MRTransmitCoilSequence":" ","MatrixCoilMode":" ","CoilCombinationMethod":" ","PulseSequenceType":" ","PulseSequenceDetails":" ","NumberShots":" ","ParallelReductionFactorInPlane":" ","ParallelAcquisitionTechnique":" ","PartialFourier":" ","PartialFourierDirection":" ","EffectiveEchoSpacing":0.00026499894000423993,"TotalReadoutTime":0.020934916260334956,"EchoTime":0.03,"InversionTime":" ","SliceTiming":[1.005,0,1.0600000000099998,0.05750000001,1.11750000001,0.1125,1.1725,0.16750000001,1.2275000000099998,0.22500000001,1.2825,0.28000000001,1.3400000000099999,0.33500000001,1.395,0.3925,1.45000000001,0.44750000001,1.5075000000099998,0.5025,1.5625,0.55750000001,1.61750000001,0.61500000001,1.675,0.67000000001,1.73000000001,0.72500000001,1.785,0.7825,1.8425000000099998,0.83750000001,1.89750000001,0.8925,1.95250000001,0.95000000001],"NumberOfVolumesDiscardedByScanner":" ","NumberOfVolumesDiscardedByUser":10,"DelayTime":" ","FlipAngle":70,"MultibandAccelerationFactor":" ","Instructions":" ","TaskDescription":" ","CogAtlasID":" ","CogPOID":" ","InstitutionName":"Robarts","InstitutionAddress":"Perth Drive 100,London//5747AB//,Ontario,CA,N6A 5K8"}