{"TaskName":"Digit","RepetitionTime":2,"Manufacturer":"SIEMENS","ManufacturerModelName":"TrioTim","MagneticFieldStrength":3,"DeviceSerialNumber":"35368","SoftwareVersions":"syngo MR B17","ReceiveCoilName":" ","GradientSetType":" ","MRTransmitCoilSequence":" ","MatrixCoilMode":" ","CoilCombinationMethod":" ","PulseSequenceType":" ","PulseSequenceDetails":" ","NumberShots":" ","ParallelReductionFactorInPlane":" ","ParallelAcquisitionTechnique":" ","PartialFourier":" ","PartialFourierDirection":" ","EffectiveEchoSpacing":0.00026499894000423993,"TotalReadoutTime":0.020934916260334956,"EchoTime":0.03,"InversionTime":" ","SliceTiming":[1.0025,0,1.06,0.05500000001,1.11500000001,0.1125,1.17,0.1675,1.2275000000099998,0.2225,1.2825,0.2775,1.3374999999900001,0.33500000001,1.395,0.39,1.45,0.44500000001,1.505,0.5025,1.56,0.5575,1.61750000001,0.6125,1.6725,0.67,1.7275000000099998,0.72500000001,1.785,0.78,1.84,0.83749999999,1.895,0.8925,1.9525,0.94749999999],"NumberOfVolumesDiscardedByScanner":" ","NumberOfVolumesDiscardedByUser":10,"DelayTime":" ","FlipAngle":70,"MultibandAccelerationFactor":" ","Instructions":" ","TaskDescription":" ","CogAtlasID":" ","CogPOID":" ","InstitutionName":"Robarts Research Institute","InstitutionAddress":"Perth Drive 100,London//5747AB//,Ontario,CA,N6A 5K8"}