{"TaskName":"Grammatical","RepetitionTime":2,"Manufacturer":"SIEMENS","ManufacturerModelName":"TrioTim","MagneticFieldStrength":3,"DeviceSerialNumber":"35368","SoftwareVersions":"syngo MR B17","ReceiveCoilName":" ","GradientSetType":" ","MRTransmitCoilSequence":" ","MatrixCoilMode":" ","CoilCombinationMethod":" ","PulseSequenceType":" ","PulseSequenceDetails":" ","NumberShots":" ","ParallelReductionFactorInPlane":" ","ParallelAcquisitionTechnique":" ","PartialFourier":" ","PartialFourierDirection":" ","EffectiveEchoSpacing":0.00026499894000423993,"TotalReadoutTime":0.020934916260334956,"EchoTime":0.03,"InversionTime":" ","SliceTiming":[1.0025,0,1.06,0.05499999999,1.11500000001,0.11,1.17,0.1675,1.22499999999,0.2225,1.2825,0.2775,1.3374999999900001,0.33499999999,1.3925,0.39,1.45,0.44499999999,1.505,0.5025,1.56,0.5575,1.6174999999900002,0.6125,1.6725,0.6675,1.72749999999,0.72499999999,1.785,0.78,1.84,0.83499999999,1.895,0.8925,1.95,0.94749999999],"NumberOfVolumesDiscardedByScanner":" ","NumberOfVolumesDiscardedByUser":10,"DelayTime":" ","FlipAngle":50,"MultibandAccelerationFactor":" ","Instructions":" ","TaskDescription":" ","CogAtlasID":" ","CogPOID":" ","InstitutionName":"Robarts-CFMM","InstitutionAddress":"Perth Drive 100,London//5747AB//,Ontario,CA,N6A 5K8"}