{"TaskName":"Tree","RepetitionTime":2,"Manufacturer":"SIEMENS","ManufacturerModelName":"TrioTim","MagneticFieldStrength":3,"DeviceSerialNumber":"35368","SoftwareVersions":"syngo MR B17","ReceiveCoilName":" ","GradientSetType":" ","MRTransmitCoilSequence":" ","MatrixCoilMode":" ","CoilCombinationMethod":" ","PulseSequenceType":" ","PulseSequenceDetails":" ","NumberShots":" ","ParallelReductionFactorInPlane":" ","ParallelAcquisitionTechnique":" ","PartialFourier":" ","PartialFourierDirection":" ","EffectiveEchoSpacing":0.00026499894000423993,"TotalReadoutTime":0.020934916260334956,"EchoTime":0.03,"InversionTime":" ","SliceTiming":[1.005,0,1.06,0.05499999999,1.11500000002,0.11250000002,1.17000000001,0.16750000001,1.2275000000099998,0.2225,1.2825,0.28,1.3374999999900001,0.33499999999,1.39500000002,0.39000000001,1.45000000001,0.44500000001,1.505,0.5025,1.5625,0.5575,1.6174999999900002,0.61250000002,1.67250000002,0.67000000001,1.7275000000099998,0.72500000001,1.785,0.78,1.84,0.83749999999,1.89500000002,0.89250000002,1.95250000001,0.94750000001],"NumberOfVolumesDiscardedByScanner":" ","NumberOfVolumesDiscardedByUser":10,"DelayTime":" ","FlipAngle":50,"MultibandAccelerationFactor":" ","Instructions":" ","TaskDescription":" ","CogAtlasID":" ","CogPOID":" ","InstitutionName":"Robarts-CFMM","InstitutionAddress":"Perth Drive 100,London//5747AB//,Ontario,CA,N6A 5K8"}